STORAGE: NONE
RESTRICTION: == net8.0
NUGET
  remote: https://api.nuget.org/v3/index.json
    Expecto (10.2.1)
      FSharp.Core (>= 7.0.200)
      Mono.Cecil (>= 0.11.4 < 1.0)
    Expecto.FsCheck (10.2.1)
      Expecto (>= 10.2.1)
      FsCheck (>= 2.16.5 < 3.0)
    FsCheck (2.16.6)
      FSharp.Core (>= 4.2.3)
    FsCheck.Xunit (2.16.6)
      FsCheck (2.16.6)
      xunit.extensibility.execution (>= 2.2 < 3.0)
    FSharp.Core (9.0.201)
    FsToolkit.ErrorHandling (4.14)
      FSharp.Core (>= 7.0.300)
    Microsoft.ApplicationInsights (2.22)
      System.Diagnostics.DiagnosticSource (>= 5.0)
    Microsoft.CodeCoverage (17.13)
    Microsoft.NET.Test.Sdk (17.13)
      Microsoft.CodeCoverage (>= 17.13)
      Microsoft.TestPlatform.TestHost (>= 17.13)
    Microsoft.Testing.Extensions.Telemetry (1.6.2)
      Microsoft.ApplicationInsights (>= 2.22)
      Microsoft.Testing.Platform (>= 1.6.2)
    Microsoft.Testing.Extensions.TrxReport.Abstractions (1.6.2)
      Microsoft.Testing.Platform (>= 1.6.2)
    Microsoft.Testing.Extensions.VSTestBridge (1.6.2)
      Microsoft.Testing.Extensions.Telemetry (>= 1.6.2)
      Microsoft.Testing.Extensions.TrxReport.Abstractions (>= 1.6.2)
      Microsoft.Testing.Platform (>= 1.6.2)
      Microsoft.TestPlatform.ObjectModel (>= 17.13)
    Microsoft.Testing.Platform (1.6.2)
    Microsoft.Testing.Platform.MSBuild (1.6.2)
      Microsoft.Testing.Platform (>= 1.6.2)
    Microsoft.TestPlatform.ObjectModel (17.13)
      System.Reflection.Metadata (>= 1.6)
    Microsoft.TestPlatform.TestHost (17.13)
      Microsoft.TestPlatform.ObjectModel (>= 17.13)
      Newtonsoft.Json (>= 13.0.1)
    Mono.Cecil (0.11.6)
    Newtonsoft.Json (13.0.3)
    System.Collections.Immutable (9.0.2)
    System.Diagnostics.DiagnosticSource (9.0.2)
    System.Reflection.Metadata (9.0.2)
      System.Collections.Immutable (>= 9.0.2)
    Unquote (7.0.1)
      FSharp.Core (>= 6.0)
    xunit.abstractions (2.0.3)
    xunit.extensibility.core (2.9.3)
      xunit.abstractions (>= 2.0.3)
    xunit.extensibility.execution (2.9.3)
      xunit.extensibility.core (2.9.3)
    xunit.runner.visualstudio (3.0.2)
    YoloDev.Expecto.TestSdk (0.15.2)
      Expecto (>= 10.2.1 < 11.0)
      FSharp.Core (>= 7.0.200)
      Microsoft.Testing.Extensions.VSTestBridge (>= 1.6.1)
      Microsoft.Testing.Platform.MSBuild (>= 1.6.1)
