NUGET
  remote: https://nuget.org/api/v2
  specs:
    Unquote (2.2.2)
    xunit (1.9.2)
